GIT
  remote: git://github.com/freerange/deploy.git
  revision: cc6a22d55144422fef8792d3b317c67bc18d4e70
  specs:
    freerange-deploy (1.0.10)
      capistrano
      capistrano-ext
      json
      request-log-analyzer
      right_aws (= 2.0.0)
      thor
      tinder (= 1.4.1)

GIT
  remote: git://github.com/freerange/freerange-puppet.git
  revision: 1793088dd18115bd13f4b390d112ab6293a5c1a1
  specs:
    freerange-puppet (1.1.9)
      capistrano
      capistrano-ext

GEM
  remote: http://rubygems.org/
  specs:
    activesupport (3.0.3)
    capistrano (2.5.19)
      highline
      net-scp (>= 1.0.0)
      net-sftp (>= 2.0.0)
      net-ssh (>= 2.0.14)
      net-ssh-gateway (>= 1.0.0)
    capistrano-ext (1.2.1)
      capistrano (>= 1.0.0)
    crack (0.1.8)
    eventmachine (0.12.10)
    highline (1.6.1)
    httparty (0.6.1)
      crack (= 0.1.8)
    json (1.4.6)
    mime-types (1.16)
    net-scp (1.0.4)
      net-ssh (>= 1.99.1)
    net-sftp (2.0.5)
      net-ssh (>= 2.0.9)
    net-ssh (2.0.23)
    net-ssh-gateway (1.0.1)
      net-ssh (>= 1.99.1)
    request-log-analyzer (1.9.8)
    right_aws (2.0.0)
      right_http_connection (>= 1.2.1)
    right_http_connection (1.2.4)
    roauth (0.0.3)
    thor (0.14.6)
    tinder (1.4.1)
      activesupport
      eventmachine
      httparty
      mime-types
      twitter-stream
    twitter-stream (0.1.10)
      eventmachine (>= 0.12.8)
      roauth (>= 0.0.2)

PLATFORMS
  ruby

DEPENDENCIES
  freerange-deploy!
  freerange-puppet!
